GEM
  remote: https://rubygems.org/
  specs:
    autotest-fsevent (0.2.8)
      sys-uname
    autotest-standalone (4.5.11)
    brock (0.1.2)
    craftbelt (0.0.2)
      nbtfile
    diff-lcs (1.1.3)
    ffi (1.4.0)
    nbtfile (0.2.0)
    rspec (2.12.0)
      rspec-core (~> 2.12.0)
      rspec-expectations (~> 2.12.0)
      rspec-mocks (~> 2.12.0)
    rspec-core (2.12.2)
    rspec-expectations (2.12.1)
      diff-lcs (~> 1.1.3)
    rspec-mocks (2.12.2)
    sys-uname (0.9.0)
      ffi (>= 1.0.0)

PLATFORMS
  ruby

DEPENDENCIES
  autotest-fsevent
  autotest-standalone
  brock
  craftbelt
  nbtfile
  rspec
